PATH
  remote: .
  specs:
    stubborn_queue (1.1.0)
      bundler
      daybreak
      moneta
      redislike

GEM
  remote: http://rubygems.org/
  specs:
    daybreak (0.3.0)
    docile (1.1.5)
    json (1.8.2)
    kintama (0.1.13)
    moneta (0.8.0)
    rake (10.4.2)
    redislike (0.2.5)
      moneta (~> 0.8)
    simplecov (0.10.0)
      docile (~> 1.1.0)
      json (~> 1.8)
      simplecov-html (~> 0.10.0)
    simplecov-html (0.10.0)

PLATFORMS
  ruby

DEPENDENCIES
  kintama
  rake
  simplecov
  stubborn_queue!
